GEM
  remote: https://rubygems.org/
  specs:
    haml (6.1.1)
      temple (>= 0.8.0)
      tilt
    rake (13.0.6)
    temple (0.8.2)
    tilt (2.0.10)

PLATFORMS
  ruby
  x86-mingw32

DEPENDENCIES
  haml
  rake

BUNDLED WITH
   1.10.5
